GEM
  remote: https://rubygems.org/
  specs:
    addressable (2.5.1)
      public_suffix (~> 2.0, >= 2.0.2)
    coderay (1.1.1)
    crack (0.4.3)
      safe_yaml (~> 1.0.0)
    faraday (0.12.2)
      multipart-post (>= 1.2, < 3)
    ffi (1.9.18-java)
    hashdiff (0.3.5)
    hashie (3.5.6)
    inflection (1.0.0)
    method_source (0.8.2)
    mime-types (3.1)
      mime-types-data (~> 3.2015)
    mime-types-data (3.2016.0521)
    multipart-post (2.0.0)
    pry (0.10.4-java)
      coderay (~> 1.1.0)
      method_source (~> 0.8.1)
      slop (~> 3.4)
      spoon (~> 0.0)
    public_suffix (2.0.5)
    safe_yaml (1.0.4)
    slop (3.6.0)
    spoon (0.0.6)
      ffi
    webmock (3.0.1)
      addressable (>= 2.3.6)
      crack (>= 0.3.2)
      hashdiff
    zendesk_api (1.14.4)
      faraday (~> 0.9)
      hashie (>= 3.5.2, < 4.0.0)
      inflection
      mime-types
      multipart-post (~> 2.0)

PLATFORMS
  java

DEPENDENCIES
  pry
  webmock
  zendesk_api

BUNDLED WITH
   1.14.6
